GEM
  remote: https://rubygems.org/
  specs:
    chrome_remote (0.1.0)
      websocket-driver (~> 0.6)
    websocket-driver (0.7.0)
      websocket-extensions (>= 0.1.0)
    websocket-extensions (0.1.2)

PLATFORMS
  ruby

DEPENDENCIES
  chrome_remote

BUNDLED WITH
   1.14.6
